GEM
  remote: https://rubygems.org/
  specs:
    commonjs (0.2.7)
    dotenv (2.0.1)
    less (2.6.0)
      commonjs (~> 0.2.7)
    rack (1.6.1)
    rack-protection (1.5.3)
      rack
    sinatra (1.4.6)
      rack (~> 1.4)
      rack-protection (~> 1.4)
      tilt (>= 1.3, < 3)
    tilt (2.0.1)

PLATFORMS
  ruby

DEPENDENCIES
  dotenv
  less
  sinatra
